GIT
  remote: https://github.com/lian/bitcoin-ruby
  revision: be3f1e901cc2df593473b9a565eb12ddf4727359
  branch: master
  specs:
    bitcoin-ruby (0.0.11)

GEM
  remote: https://rubygems.org/
  specs:
    ethon (0.11.0)
      ffi (>= 1.3.0)
    ffi (1.9.18)
    typhoeus (1.3.0)
      ethon (>= 0.9.0)

PLATFORMS
  ruby

DEPENDENCIES
  bitcoin-ruby!
  ffi
  typhoeus

BUNDLED WITH
   1.16.1
